GEM
  remote: https://rubygems.org/
  specs:
    ruby2d (0.12.1)

PLATFORMS
  x86_64-linux

DEPENDENCIES
  ruby2d

RUBY VERSION
   ruby 3.2.1p31

BUNDLED WITH
   2.4.12
